GEM
  remote: http://rubygems.org/
  specs:
    RedCloth (4.2.9)
    actionmailer (2.3.14)
      actionpack (= 2.3.14)
    actionpack (2.3.14)
      activesupport (= 2.3.14)
      rack (~> 1.1.0)
    activerecord (2.3.14)
      activesupport (= 2.3.14)
    activeresource (2.3.14)
      activesupport (= 2.3.14)
    activesupport (2.3.14)
    acts_as_list (0.1.4)
    acts_as_tree (0.1.1)
    bluecloth (2.1.0)
    chunky_png (1.2.5)
    cocaine (0.2.1)
    coffee-script (2.2.0)
      coffee-script-source
      execjs
    coffee-script-source (1.3.3)
    compass (0.11.7)
      chunky_png (~> 1.2)
      fssm (>= 0.2.7)
      sass (~> 3.1)
    delocalize (0.2.6)
    execjs (1.4.0)
      multi_json (~> 1.0)
    fssm (0.2.9)
    haml (3.1.6)
    highline (1.6.12)
    json (1.7.3)
    libv8 (3.3.10.4)
    mime-types (1.18)
    multi_json (1.3.6)
    paperclip (2.5.2)
      activerecord (>= 2.3.0)
      activesupport (>= 2.3.2)
      cocaine (>= 0.0.2)
      mime-types
    rack (1.1.3)
    rack-cache (1.2)
      rack (>= 0.4)
    radiant (1.1.0.beta)
      RedCloth (~> 4.2.0)
      acts_as_tree (~> 0.1.1)
      bundler (>= 1.0.0)
      compass (~> 0.11.1)
      delocalize (~> 0.2.3)
      haml (~> 3.1.1)
      highline (~> 1.6.10)
      rack (~> 1.1.1)
      rack-cache (~> 1.2.0)
      radius (~> 0.7.3)
      rails (~> 2.3.14)
      rake (>= 0.8.7)
      rdoc (>= 3.9.2)
      stringex (~> 1.3.0)
      tzinfo (~> 0.3.31)
      will_paginate (~> 2.3.11)
    radiant-archive-extension (1.0.7)
    radiant-clipped-extension (1.0.17)
      acts_as_list (= 0.1.4)
      paperclip (~> 2.5.0)
      uuidtools (~> 2.1.2)
    radiant-debug-extension (1.0.2)
    radiant-exporter-extension (1.0.3)
    radiant-markdown_filter-extension (1.0.2)
      bluecloth (~> 2.1.0)
    radiant-sheets-extension (1.0.10)
      coffee-script (~> 2.2.0)
      sass (~> 3.1.12)
    radiant-site_templates-extension (1.0.5)
    radiant-smarty_pants_filter-extension (1.0.2)
      rubypants (~> 0.2.0)
    radiant-snippets-extension (1.0.2)
    radiant-textile_filter-extension (1.0.4)
      RedCloth (~> 4.2.0)
    radius (0.7.3)
    rails (2.3.14)
      actionmailer (= 2.3.14)
      actionpack (= 2.3.14)
      activerecord (= 2.3.14)
      activeresource (= 2.3.14)
      activesupport (= 2.3.14)
      rake (>= 0.8.3)
    rake (0.9.2.2)
    rdoc (3.12)
      json (~> 1.4)
    rubypants (0.2.0)
    sass (3.1.19)
    sqlite3 (1.3.6)
    stringex (1.3.3)
    therubyracer (0.9.10)
      libv8 (~> 3.3.10)
    tzinfo (0.3.33)
    uuidtools (2.1.2)
    will_paginate (2.3.16)

PLATFORMS
  ruby

DEPENDENCIES
  radiant (~> 1.1.0.beta)
  radiant-archive-extension (~> 1.0.7)
  radiant-clipped-extension (~> 1.0.16)
  radiant-debug-extension (~> 1.0.2)
  radiant-exporter-extension (~> 1.0.2)
  radiant-markdown_filter-extension (~> 1.0.2)
  radiant-sheets-extension (~> 1.0.9)
  radiant-site_templates-extension (~> 1.0.4)
  radiant-smarty_pants_filter-extension (~> 1.0.2)
  radiant-snippets-extension (~> 1.0.1)
  radiant-textile_filter-extension (~> 1.0.4)
  sqlite3 (~> 1.3.4)
  therubyracer (~> 0.9)
